GEM
  remote: http://rubygems.org/
  specs:
    amq-client (0.9.11)
      amq-protocol (>= 1.0.1)
      eventmachine
    amq-protocol (1.1.0)
    amqp (0.9.8)
      amq-client (~> 0.9.5)
      amq-protocol (>= 0.9.4)
      eventmachine
    backports (2.7.1)
    daemons (1.1.9)
    eventmachine (1.0.0)
    haml (3.1.7)
    rack (1.5.0)
    rack-protection (1.3.2)
      rack
    rack-test (0.6.2)
      rack (>= 1.0)
    sinatra (1.3.3)
      rack (~> 1.3, >= 1.3.6)
      rack-protection (~> 1.2)
      tilt (~> 1.3, >= 1.3.3)
    sinatra-contrib (1.3.2)
      backports (>= 2.0)
      eventmachine
      rack-protection
      rack-test
      sinatra (~> 1.3.0)
      tilt (~> 1.3)
    thin (1.5.0)
      daemons (>= 1.0.9)
      eventmachine (>= 0.12.6)
      rack (>= 1.0.0)
    tilt (1.3.3)

PLATFORMS
  ruby

DEPENDENCIES
  amqp
  haml
  sinatra
  sinatra-contrib
  thin
